STORAGE: NONE
RESTRICTION: || (== net6.0) (== netcoreapp3.1) (== netstandard2.1)
NUGET
  remote: https://api.nuget.org/v3/index.json
    Aether (8.3.1)
      FSharp.Core (>= 4.3.4)
    Argu (6.2.5)
      FSharp.Core (>= 6.0)
      System.Configuration.ConfigurationManager (>= 4.4)
    Expecto (10.2.1)
      FSharp.Core (>= 7.0.200) - restriction: || (== net6.0) (&& (== netcoreapp3.1) (>= net6.0)) (&& (== netstandard2.1) (>= net6.0))
      Mono.Cecil (>= 0.11.4 < 1.0) - restriction: || (== net6.0) (&& (== netcoreapp3.1) (>= net6.0)) (&& (== netstandard2.1) (>= net6.0))
    Fantomas.Core (7.0)
      Fantomas.FCS (>= 7.0)
      FSharp.Core (>= 8.0.100)
      System.Collections.Immutable (>= 8.0)
      System.Diagnostics.DiagnosticSource (>= 8.0.1)
      System.Memory (>= 4.6)
      System.Runtime (>= 4.3.1)
    Fantomas.FCS (7.0)
      FSharp.Core (>= 8.0.100)
      System.Collections.Immutable (>= 8.0)
      System.Diagnostics.DiagnosticSource (>= 8.0.1)
      System.Memory (>= 4.6)
      System.Runtime (>= 4.3.1)
    FSharp.Compiler.Service (43.9.101)
      FSharp.Core (9.0.101)
      System.Buffers (>= 4.5.1)
      System.Collections.Immutable (>= 8.0)
      System.Diagnostics.DiagnosticSource (>= 8.0)
      System.Memory (>= 4.5.5)
      System.Reflection.Emit (>= 4.7)
      System.Reflection.Metadata (>= 8.0)
      System.Runtime.CompilerServices.Unsafe (>= 6.0)
    FSharp.Core (9.0.101)
    McMaster.NETCore.Plugins (2.0)
    Microsoft.NETCore.Platforms (7.0.4)
    Microsoft.NETCore.Targets (5.0)
    Mono.Cecil (0.11.6) - restriction: || (== net6.0) (&& (== netcoreapp3.1) (>= net6.0)) (&& (== netstandard2.1) (>= net6.0))
    System.Buffers (4.6)
    System.Collections.Immutable (9.0.1)
      System.Memory (>= 4.5.5)
      System.Runtime.CompilerServices.Unsafe (>= 6.0)
    System.Configuration.ConfigurationManager (9.0.1)
      System.Security.Cryptography.ProtectedData (>= 9.0.1)
    System.Diagnostics.DiagnosticSource (9.0.1)
      System.Memory (>= 4.5.5)
      System.Runtime.CompilerServices.Unsafe (>= 6.0)
    System.Memory (4.6)
      System.Buffers (>= 4.6) - restriction: || (&& (== net6.0) (>= net462)) (&& (== net6.0) (< netcoreapp2.1)) (&& (== netcoreapp3.1) (>= net462)) (&& (== netcoreapp3.1) (< netcoreapp2.1)) (== netstandard2.1)
      System.Numerics.Vectors (>= 4.6) - restriction: || (&& (== net6.0) (>= net462)) (&& (== net6.0) (< netcoreapp2.1)) (&& (== netcoreapp3.1) (>= net462)) (&& (== netcoreapp3.1) (< netcoreapp2.1)) (== netstandard2.1)
      System.Runtime.CompilerServices.Unsafe (>= 6.1) - restriction: || (&& (== net6.0) (>= net462)) (&& (== net6.0) (< netcoreapp2.1)) (&& (== netcoreapp3.1) (>= net462)) (&& (== netcoreapp3.1) (< netcoreapp2.1)) (== netstandard2.1)
    System.Numerics.Vectors (4.6) - restriction: || (&& (== net6.0) (>= net462)) (&& (== net6.0) (< netcoreapp2.1)) (&& (== netcoreapp3.1) (>= net462)) (&& (== netcoreapp3.1) (< netcoreapp2.1)) (== netstandard2.1)
    System.Reflection.Emit (4.7)
    System.Reflection.Metadata (9.0.1)
      System.Collections.Immutable (>= 9.0.1)
      System.Memory (>= 4.5.5)
    System.Runtime (4.3.1)
      Microsoft.NETCore.Platforms (>= 1.1.1)
      Microsoft.NETCore.Targets (>= 1.1.3)
    System.Runtime.CompilerServices.Unsafe (6.1)
    System.Security.Cryptography.ProtectedData (9.0.1)
      System.Memory (>= 4.5.5)
    Tomlyn (0.18)
